GEM
  remote: https://rubygems.org/
  specs:
    net-http (0.6.0)
      uri
    uri (1.0.2)
    webrick (1.9.1)

PLATFORMS
  ruby
  x86_64-linux

DEPENDENCIES
  net-http
  webrick

BUNDLED WITH
   2.5.23
